PATH
  remote: .
  specs:
    killbill-kpm (1.2.0)
      activesupport (~> 4.2, >= 4.2.10)
      killbill (~> 9.2)
      kpm (~> 0.6.0)

GEM
  remote: https://rubygems.org/
  specs:
    activesupport (4.2.10)
      i18n (~> 0.7)
      minitest (~> 5.1)
      thread_safe (~> 0.3, >= 0.3.4)
      tzinfo (~> 1.1)
    axiom-types (0.1.1)
      descendants_tracker (~> 0.0.4)
      ice_nine (~> 0.11.0)
      thread_safe (~> 0.3, >= 0.3.1)
    coercible (1.0.0)
      descendants_tracker (~> 0.0.1)
    concurrent-ruby (1.0.5-java)
    descendants_tracker (0.0.4)
      thread_safe (~> 0.3, >= 0.3.1)
    diff-lcs (1.1.3)
    equalizer (0.0.11)
    ethon (0.11.0)
      ffi (>= 1.3.0)
    ffi (1.9.18-java)
    highline (1.6.21)
    i18n (0.9.1)
      concurrent-ruby (~> 1.0)
    ice_nine (0.11.2)
    jar-dependencies (0.3.12)
    jbundler (0.9.3)
      bundler (~> 1.5)
      jar-dependencies (~> 0.3)
      maven-tools (~> 1.1)
      ruby-maven (~> 3.3, >= 3.3.8)
    killbill (9.2.0)
      rack (>= 1.5.2)
      sinatra (~> 1.3.4)
      typhoeus (~> 0.6.9)
      tzinfo (~> 1.2.0)
    killbill-client (1.12.1)
    kpm (0.6.2)
      highline (~> 1.6.21)
      killbill-client (~> 1.0)
      rubyzip (~> 1.2.0)
      thor (~> 0.19.1)
    maven-tools (1.1.6)
      virtus (~> 1.0)
    minitest (5.11.1)
    rack (1.6.8)
    rack-protection (1.5.3)
      rack
    rake (10.5.0)
    rspec (2.12.0)
      rspec-core (~> 2.12.0)
      rspec-expectations (~> 2.12.0)
      rspec-mocks (~> 2.12.0)
    rspec-core (2.12.2)
    rspec-expectations (2.12.1)
      diff-lcs (~> 1.1.3)
    rspec-mocks (2.12.2)
    ruby-maven (3.3.12)
      ruby-maven-libs (~> 3.3.9)
    ruby-maven-libs (3.3.9)
    rubyzip (1.2.1)
    sinatra (1.3.6)
      rack (~> 1.4)
      rack-protection (~> 1.3)
      tilt (~> 1.3, >= 1.3.3)
    thor (0.19.4)
    thread_safe (0.3.6-java)
    tilt (1.4.1)
    typhoeus (0.6.9)
      ethon (>= 0.7.1)
    tzinfo (1.2.4)
      thread_safe (~> 0.1)
    virtus (1.0.5)
      axiom-types (~> 0.1)
      coercible (~> 1.0)
      descendants_tracker (~> 0.0, >= 0.0.3)
      equalizer (~> 0.0, >= 0.0.9)

PLATFORMS
  java

DEPENDENCIES
  jbundler (~> 0.9.2)
  killbill-kpm!
  rake (>= 10.0.0, < 11.0.0)
  rspec (~> 2.12.0)

BUNDLED WITH
   1.15.1
