GIT
  remote: git://github.com/killbill/killbill-cloud.git
  revision: 61bf0c49c2b96c671f011cb0848eb174347c608d
  branch: work-for-release-0.19.x
  specs:
    kpm (0.6.0)
      highline (~> 1.6.21)
      killbill-client (~> 1.0)
      rubyzip (~> 1.2.0)
      thor (~> 0.19.1)

GIT
  remote: git://github.com/wwjbatista/killbill-plugin-framework-ruby.git
  revision: f9797c7f7bc75a506cb3a00ecde6f7250b3b0183
  branch: work-for-release-0.19.x
  specs:
    killbill (9.2.0)
      rack (>= 1.5.2)
      sinatra (~> 1.3.4)
      typhoeus (~> 0.6.9)
      tzinfo (~> 1.2.0)

PATH
  remote: .
  specs:
    killbill-kpm (1.2.0)
      activesupport
      nexus_cli

GEM
  remote: https://rubygems.org/
  specs:
    activesupport (3.2.22.5)
      i18n (~> 0.6, >= 0.6.4)
      multi_json (~> 1.0)
    axiom-types (0.1.1)
      descendants_tracker (~> 0.0.4)
      ice_nine (~> 0.11.0)
      thread_safe (~> 0.3, >= 0.3.1)
    chozo (0.6.1)
      activesupport (>= 3.2.0)
      hashie (>= 2.0.2)
      multi_json (>= 1.3.0)
    coercible (1.0.0)
      descendants_tracker (~> 0.0.1)
    concurrent-ruby (1.0.5)
    concurrent-ruby (1.0.5-java)
    descendants_tracker (0.0.4)
      thread_safe (~> 0.3, >= 0.3.1)
    diff-lcs (1.1.3)
    equalizer (0.0.11)
    ethon (0.11.0)
      ffi (>= 1.3.0)
    extlib (0.9.16)
    ffi (1.9.18)
    ffi (1.9.18-java)
    hashie (3.5.6)
    highline (1.6.21)
    httpclient (2.8.3)
    i18n (0.9.1)
      concurrent-ruby (~> 1.0)
    ice_nine (0.11.2)
    jar-dependencies (0.3.12)
    jbundler (0.9.3)
      bundler (~> 1.5)
      jar-dependencies (~> 0.3)
      maven-tools (~> 1.1)
      ruby-maven (~> 3.3, >= 3.3.8)
    json (1.8.6)
    json (1.8.6-java)
    jsonpath (0.8.5)
      multi_json
    killbill-client (1.11.0)
      json (>= 1.2.0, < 2.0.0)
    maven-tools (1.1.6)
      virtus (~> 1.0)
    multi_json (1.12.2)
    nexus_cli (4.1.1)
      activesupport (~> 3.2.0)
      chozo (>= 0.6.0)
      extlib
      highline
      httpclient (~> 2.8.0)
      json
      jsonpath
      thor
    rack (1.6.8)
    rack-protection (1.5.3)
      rack
    rake (10.0.0)
    rspec (2.12.0)
      rspec-core (~> 2.12.0)
      rspec-expectations (~> 2.12.0)
      rspec-mocks (~> 2.12.0)
    rspec-core (2.12.2)
    rspec-expectations (2.12.1)
      diff-lcs (~> 1.1.3)
    rspec-mocks (2.12.2)
    ruby-maven (3.3.12)
      ruby-maven-libs (~> 3.3.9)
    ruby-maven-libs (3.3.9)
    rubyzip (1.2.1)
    sinatra (1.3.6)
      rack (~> 1.4)
      rack-protection (~> 1.3)
      tilt (~> 1.3, >= 1.3.3)
    thor (0.19.4)
    thread_safe (0.3.6)
    thread_safe (0.3.6-java)
    tilt (1.4.1)
    typhoeus (0.6.9)
      ethon (>= 0.7.1)
    tzinfo (1.2.4)
      thread_safe (~> 0.1)
    virtus (1.0.5)
      axiom-types (~> 0.1)
      coercible (~> 1.0)
      descendants_tracker (~> 0.0, >= 0.0.3)
      equalizer (~> 0.0, >= 0.0.9)

PLATFORMS
  java
  ruby

DEPENDENCIES
  jbundler (~> 0.9.2)
  killbill!
  killbill-kpm!
  kpm!
  rake (>= 10.0.0)
  rspec (~> 2.12.0)

BUNDLED WITH
   1.15.1
